GIT
  remote: git://github.com/seyhunak/twitter-bootstrap-rails.git
  revision: 3edf24de985d946f16a2781644289cfdc51ba95b
  specs:
    twitter-bootstrap-rails (3.2.0)
      actionpack (>= 3.1)
      execjs
      rails (>= 3.1)
      railties (>= 3.1)

GIT
  remote: https://github.com/gonzedge/rambling-slider-rails
  revision: 813490342407f0a70036b294377d2bf342969bf4
  specs:
    rambling-slider-rails (0.2.0)
      jquery-rails (>= 2.0.0, <= 3.1.0)

GEM
  remote: https://rubygems.org/
  specs:
    actionmailer (4.1.0.beta1)
      actionpack (= 4.1.0.beta1)
      actionview (= 4.1.0.beta1)
      mail (~> 2.5.4)
    actionpack (4.1.0.beta1)
      actionview (= 4.1.0.beta1)
      activesupport (= 4.1.0.beta1)
      rack (~> 1.5.2)
      rack-test (~> 0.6.2)
    actionview (4.1.0.beta1)
      activesupport (= 4.1.0.beta1)
      builder (~> 3.1)
      erubis (~> 2.7.0)
    activemodel (4.1.0.beta1)
      activesupport (= 4.1.0.beta1)
      builder (~> 3.1)
    activerecord (4.1.0.beta1)
      activemodel (= 4.1.0.beta1)
      activesupport (= 4.1.0.beta1)
      arel (~> 5.0.0)
    activesupport (4.1.0.beta1)
      i18n (~> 0.6, >= 0.6.9)
      json (~> 1.7, >= 1.7.7)
      minitest (~> 5.1)
      thread_safe (~> 0.1)
      tzinfo (~> 1.1)
    arel (5.0.1.20140414130214)
    autoprefixer-rails (4.0.1)
      execjs
    bcrypt (3.1.7)
    bootstrap-kaminari-views (0.0.5)
      kaminari (>= 0.13)
      rails (>= 3.1)
    bootstrap-sass (3.2.0.2)
      sass (~> 3.2)
    builder (3.2.2)
    climate_control (0.0.3)
      activesupport (>= 3.0)
    cocaine (0.5.4)
      climate_control (>= 0.0.3, < 1.0)
    coffee-rails (4.0.1)
      coffee-script (>= 2.2.0)
      railties (>= 4.0.0, < 5.0)
    coffee-script (2.3.0)
      coffee-script-source
      execjs
    coffee-script-source (1.8.0)
    commonjs (0.2.7)
    devise (3.4.0)
      bcrypt (~> 3.0)
      orm_adapter (~> 0.1)
      railties (>= 3.2.6, < 5)
      responders
      thread_safe (~> 0.1)
      warden (~> 1.2.3)
    dnsruby (1.55)
    email_verifier (0.0.7)
      dnsruby (>= 1.5)
      rails (>= 3.0.0)
    erubis (2.7.0)
    execjs (2.2.1)
    faraday (0.9.0)
      multipart-post (>= 1.2, < 3)
    gmail_oauth (0.1.3)
      gmail_xoauth (>= 0.3)
      mail (>= 2.2.1)
      mime (>= 0.1)
    gmail_xoauth (0.4.1)
      oauth (>= 0.3.6)
    gmaps4rails (2.1.2)
    hashie (3.3.1)
    hike (1.2.3)
    i18n (0.6.11)
    jbuilder (2.2.2)
      activesupport (>= 3.0.0, < 5)
      multi_json (~> 1.2)
    jquery-rails (3.1.0)
      railties (>= 3.0, < 5.0)
      thor (>= 0.14, < 2.0)
    json (1.8.1)
    jwt (1.0.0)
    kaminari (0.16.1)
      actionpack (>= 3.0.0)
      activesupport (>= 3.0.0)
    less (2.5.1)
      commonjs (~> 0.2.7)
    less-rails (2.5.0)
      actionpack (>= 3.1)
      less (~> 2.5.0)
    libv8 (3.16.14.7)
    mail (2.5.4)
      mime-types (~> 1.16)
      treetop (~> 1.4.8)
    mime (0.4.2)
    mime-types (1.25.1)
    minitest (5.4.2)
    multi_json (1.10.1)
    multi_xml (0.5.5)
    multipart-post (2.0.0)
    oauth (0.4.7)
    oauth2 (1.0.0)
      faraday (>= 0.8, < 0.10)
      jwt (~> 1.0)
      multi_json (~> 1.3)
      multi_xml (~> 0.5)
      rack (~> 1.2)
    omniauth (1.2.2)
      hashie (>= 1.2, < 4)
      rack (~> 1.0)
    omniauth-facebook (2.0.0)
      omniauth-oauth2 (~> 1.2)
    omniauth-google-oauth2 (0.2.5)
      omniauth (> 1.0)
      omniauth-oauth2 (~> 1.1)
    omniauth-oauth2 (1.2.0)
      faraday (>= 0.8, < 0.10)
      multi_json (~> 1.3)
      oauth2 (~> 1.0)
      omniauth (~> 1.2)
    orm_adapter (0.5.0)
    owlcarousel-rails (1.1.3.3)
      jquery-rails
    paperclip (4.2.0)
      activemodel (>= 3.0.0)
      activesupport (>= 3.0.0)
      cocaine (~> 0.5.3)
      mime-types
    pg (0.17.1)
    polyglot (0.3.5)
    rack (1.5.2)
    rack-test (0.6.2)
      rack (>= 1.0)
    rails (4.1.0.beta1)
      actionmailer (= 4.1.0.beta1)
      actionpack (= 4.1.0.beta1)
      actionview (= 4.1.0.beta1)
      activemodel (= 4.1.0.beta1)
      activerecord (= 4.1.0.beta1)
      activesupport (= 4.1.0.beta1)
      bundler (>= 1.3.0, < 2.0)
      railties (= 4.1.0.beta1)
      sprockets-rails (~> 2.0.0)
    railties (4.1.0.beta1)
      actionpack (= 4.1.0.beta1)
      activesupport (= 4.1.0.beta1)
      rake (>= 0.8.7)
      thor (>= 0.18.1, < 2.0)
    rake (10.3.2)
    rdoc (4.1.2)
      json (~> 1.4)
    ref (1.0.5)
    responders (1.1.1)
      railties (>= 3.2, < 4.2)
    sass (3.2.19)
    sass-rails (4.0.3)
      railties (>= 4.0.0, < 5.0)
      sass (~> 3.2.0)
      sprockets (~> 2.8, <= 2.11.0)
      sprockets-rails (~> 2.0)
    sdoc (0.4.1)
      json (~> 1.7, >= 1.7.7)
      rdoc (~> 4.0)
    spring (1.1.3)
    sprockets (2.11.0)
      hike (~> 1.2)
      multi_json (~> 1.0)
      rack (~> 1.0)
      tilt (~> 1.1, != 1.3.0)
    sprockets-rails (2.0.1)
      actionpack (>= 3.0)
      activesupport (>= 3.0)
      sprockets (~> 2.8)
    therubyracer (0.12.1)
      libv8 (~> 3.16.14.0)
      ref
    thor (0.19.1)
    thread_safe (0.3.4)
    tilt (1.4.1)
    treetop (1.4.15)
      polyglot
      polyglot (>= 0.3.1)
    turbolinks (2.4.0)
      coffee-rails
    tzinfo (1.2.2)
      thread_safe (~> 0.1)
    uglifier (2.5.3)
      execjs (>= 0.3.0)
      json (>= 1.8.0)
    warden (1.2.3)
      rack (>= 1.0)

PLATFORMS
  ruby

DEPENDENCIES
  autoprefixer-rails
  bootstrap-kaminari-views
  bootstrap-sass
  coffee-rails (~> 4.0.0)
  devise
  email_verifier
  gmail_oauth
  gmail_xoauth
  gmaps4rails
  jbuilder (~> 2.0)
  jquery-rails
  kaminari
  less-rails
  omniauth
  omniauth-facebook
  omniauth-google-oauth2
  owlcarousel-rails
  paperclip
  pg
  rails (= 4.1.0.beta1)
  rambling-slider-rails!
  sass-rails (~> 4.0.3)
  sdoc (~> 0.4.0)
  spring
  therubyracer
  turbolinks
  twitter-bootstrap-rails!
  uglifier (>= 1.3.0)
